GEM
  remote: https://rubygems.org/
  specs:
    cgi (0.3.0)
    httparty (0.20.0)
      mime-types (~> 3.0)
      multi_xml (>= 0.5.2)
    mime-types (3.3.1)
      mime-types-data (~> 3.2015)
    mime-types-data (3.2021.0901)
    multi_xml (0.6.0)
    uri (0.11.0)
    yaml (0.2.0)

PLATFORMS
  x86_64-darwin-20
  x86_64-linux

DEPENDENCIES
  cgi
  httparty
  uri
  yaml

BUNDLED WITH
   2.2.22
